GEM
  remote: https://rubygems.org/
  specs:
    activesupport (6.1.0)
      concurrent-ruby (~> 1.0, >= 1.0.2)
      i18n (>= 1.6, < 2)
      minitest (>= 5.1)
      tzinfo (~> 2.0)
      zeitwerk (~> 2.3)
    aws-ses (0.7.1)
      builder
      mail (> 2.2.5)
      mime-types
      xml-simple
    builder (3.2.4)
    colorize (0.8.1)
    concurrent-ruby (1.1.7)
    i18n (1.8.5)
      concurrent-ruby (~> 1.0)
    mail (2.7.1)
      mini_mime (>= 0.1.1)
    mime-types (3.3.1)
      mime-types-data (~> 3.2015)
    mime-types-data (3.2020.1104)
    mini_mime (1.0.2)
    minitest (5.14.2)
    tzinfo (2.0.3)
      concurrent-ruby (~> 1.0)
    xml-simple (1.1.5)
    zeitwerk (2.4.2)

PLATFORMS
  ruby

DEPENDENCIES
  activesupport (~> 6.1)
  aws-ses (~> 0.7)
  colorize (~> 0.8)

RUBY VERSION
   ruby 2.6.6p146

BUNDLED WITH
   2.1.4
