GEM
  remote: https://rubygems.org/
  specs:
    activesupport (6.1.7.1)
      concurrent-ruby (~> 1.0, >= 1.0.2)
      i18n (>= 1.6, < 2)
      minitest (>= 5.1)
      tzinfo (~> 2.0)
      zeitwerk (~> 2.3)
    aws-ses-v4 (0.8.1)
      builder
      mail (> 2.2.5)
      mime-types
      xml-simple
    builder (3.2.4)
    colorize (0.8.1)
    concurrent-ruby (1.1.10)
    i18n (1.12.0)
      concurrent-ruby (~> 1.0)
    mail (2.7.1)
      mini_mime (>= 0.1.1)
    mime-types (3.4.1)
      mime-types-data (~> 3.2015)
    mime-types-data (3.2022.0105)
    mini_mime (1.1.2)
    minitest (5.17.0)
    rexml (3.2.5)
    tzinfo (2.0.5)
      concurrent-ruby (~> 1.0)
    xml-simple (1.1.9)
      rexml
    zeitwerk (2.6.6)

PLATFORMS
  ruby

DEPENDENCIES
  activesupport (~> 6.1)
  aws-ses-v4
  colorize (~> 0.8)

RUBY VERSION
   ruby 2.7.6p219

BUNDLED WITH
   2.1.4
